GIT
  remote: https://github.com/catlee/aoc-ruby.git
  revision: 5f2e60c097e517eba62c62b555c95a2751db93bb
  specs:
    aoc (0.1.0)

GEM
  remote: https://rubygems.org/
  specs:
    addressable (2.8.1)
      public_suffix (>= 2.0.2, < 6.0)
    algorithms (1.0.0)
    chunky_png (1.4.0)
    coderay (1.1.3)
    connection_pool (2.3.0)
    dijkstra_fast (1.5.3)
    domain_name (0.5.20190701)
      unf (>= 0.0.5, < 1.0.0)
    facets (3.1.0)
    ffi (1.15.5)
    http-cookie (1.0.5)
      domain_name (~> 0.5)
    lightly (0.3.3)
    matrix (0.4.2)
    mechanize (2.8.5)
      addressable (~> 2.8)
      domain_name (~> 0.5, >= 0.5.20190701)
      http-cookie (~> 1.0, >= 1.0.3)
      mime-types (~> 3.0)
      net-http-digest_auth (~> 1.4, >= 1.4.1)
      net-http-persistent (>= 2.5.2, < 5.0.dev)
      nokogiri (~> 1.11, >= 1.11.2)
      rubyntlm (~> 0.6, >= 0.6.3)
      webrick (~> 1.7)
      webrobots (~> 0.1.2)
    method_source (1.0.0)
    mime-types (3.4.1)
      mime-types-data (~> 3.2015)
    mime-types-data (3.2022.0105)
    net-http-digest_auth (1.4.1)
    net-http-persistent (4.0.1)
      connection_pool (~> 2.2)
    nokogiri (1.13.10-arm64-darwin)
      racc (~> 1.4)
    parallel (1.22.1)
    progressbar (1.11.0)
    pry (0.14.1)
      coderay (~> 1.1)
      method_source (~> 1.0)
    public_suffix (5.0.1)
    racc (1.6.1)
    ruby-progressbar (1.11.0)
    rubyntlm (0.6.3)
    sqlite3 (1.5.4-arm64-darwin)
    unf (0.1.4)
      unf_ext
    unf_ext (0.0.8.2)
    webrick (1.7.0)
    webrobots (0.1.2)
    z3 (0.0.20221020)
      ffi (~> 1.9)

PLATFORMS
  arm64-darwin-21

DEPENDENCIES
  algorithms
  aoc!
  chunky_png
  dijkstra_fast
  facets
  lightly
  matrix
  mechanize
  parallel
  progressbar
  pry
  ruby-progressbar
  sqlite3
  z3

RUBY VERSION
   ruby 3.1.0p0

BUNDLED WITH
   2.3.4
